GEM
  remote: https://rubygems.org/
  specs:
    aws-eventstream (1.0.3)
    aws-partitions (1.295.0)
    aws-sdk-core (3.93.0)
      aws-eventstream (~> 1.0, >= 1.0.2)
      aws-partitions (~> 1, >= 1.239.0)
      aws-sigv4 (~> 1.1)
      jmespath (~> 1.0)
    aws-sdk-ec2 (1.151.0)
      aws-sdk-core (~> 3, >= 3.71.0)
      aws-sigv4 (~> 1.1)
    aws-sdk-secretsmanager (1.34.0)
      aws-sdk-core (~> 3, >= 3.71.0)
      aws-sigv4 (~> 1.1)
    aws-sigv4 (1.1.1)
      aws-eventstream (~> 1.0, >= 1.0.2)
    coderay (1.1.2)
    config-reader (0.1.0)
    interactive-rake (0.0.1)
      rake
    jmespath (1.4.0)
    method_source (1.0.0)
    pry (0.13.0)
      coderay (~> 1.1)
      method_source (~> 1.0)
    rake (13.0.1)
    vault (0.13.0)
      aws-sigv4

PLATFORMS
  ruby

DEPENDENCIES
  aws-sdk-ec2
  aws-sdk-secretsmanager
  config-reader
  interactive-rake
  pry
  vault

BUNDLED WITH
   2.1.4
